GEM
  remote: https://rubygems.org/
  specs:
    irb (1.0.0)
    marc (1.0.4)
      scrub_rb (>= 1.0.1, < 2)
      unf
    mini_portile2 (2.8.0)
    nokogiri (1.13.5)
      mini_portile2 (~> 2.8.0)
      racc (~> 1.4)
    racc (1.6.0)
    ruby-oci8 (2.2.7)
    scrub_rb (1.0.1)
    unf (0.1.4)
      unf_ext
    unf_ext (0.0.7.6)

PLATFORMS
  ruby

DEPENDENCIES
  irb
  marc
  nokogiri (>= 1.10.4)
  ruby-oci8

BUNDLED WITH
   2.0.2
